PATH
  remote: .
  specs:
    jmdict (1.9.0)
      nokogiri

GEM
  remote: https://rubygems.org/
  specs:
    mini_portile2 (2.3.0)
    nokogiri (1.8.2)
      mini_portile2 (~> 2.3.0)
    rake (10.4.2)

PLATFORMS
  ruby

DEPENDENCIES
  bundler (~> 1.16)
  jmdict!
  rake (~> 10.0)

BUNDLED WITH
   1.16.1
